PATH
  remote: .
  specs:
    paynl-rb (0.0.0)
      activesupport
      crack
      hashie
      httpclient
      httpi

GEM
  remote: http://rubygems.org/
  specs:
    activesupport (4.2.1)
      i18n (~> 0.7)
      json (~> 1.7, >= 1.7.7)
      minitest (~> 5.1)
      thread_safe (~> 0.3, >= 0.3.4)
      tzinfo (~> 1.1)
    crack (0.4.2)
      safe_yaml (~> 1.0.0)
    hashie (3.4.1)
    httpclient (2.6.0.1)
    httpi (2.4.0)
      rack
    i18n (0.7.0)
    json (1.8.2)
    minitest (5.6.0)
    rack (1.6.0)
    safe_yaml (1.0.4)
    thread_safe (0.3.5)
    tzinfo (1.2.2)
      thread_safe (~> 0.1)

PLATFORMS
  ruby

DEPENDENCIES
  paynl-rb!
